GEM
  remote: https://rubygems.org/
  specs:
    open3 (0.1.2)

PLATFORMS
  x86_64-linux

DEPENDENCIES
  open3

BUNDLED WITH
   2.3.5
